PATH
  remote: .
  specs:
    rawline (0.3.2)
      highline (>= 1.7.2)

GEM
  remote: https://rubygems.org/
  specs:
    diff-lcs (1.2.5)
    highline (1.7.2)
    rspec (3.3.0)
      rspec-core (~> 3.3.0)
      rspec-expectations (~> 3.3.0)
      rspec-mocks (~> 3.3.0)
    rspec-core (3.3.1)
      rspec-support (~> 3.3.0)
    rspec-expectations (3.3.0)
      diff-lcs (>= 1.2.0, < 2.0)
      rspec-support (~> 3.3.0)
    rspec-mocks (3.3.1)
      diff-lcs (>= 1.2.0, < 2.0)
      rspec-support (~> 3.3.0)
    rspec-support (3.3.0)

PLATFORMS
  ruby

DEPENDENCIES
  rawline!
  rspec (~> 3.0)

BUNDLED WITH
   1.10.4
